REDIRECTS: ON
NUGET
  remote: https://www.nuget.org/api/v2
  specs:
    FSharp.Core (3.1.2.5)
